BrainVision Data Exchange Header File Version 1.0
; Data created by the BrainVision Recorder

[Common Infos]
Codepage=UTF-8
DataFile=sst_sst_srijan_2.eeg
MarkerFile=sst_sst_srijan_2.vmrk
DataFormat=BINARY
; Data orientation: MULTIPLEXED=ch1,pt1, ch2,pt1 ...
DataOrientation=MULTIPLEXED
NumberOfChannels=32
; Sampling interval in microseconds
SamplingInterval=2000

[Binary Infos]
BinaryFormat=IEEE_FLOAT_32

[Channel Infos]
; Each entry: Ch<Channel number>=<Name>,<Reference channel name>,
; <Resolution in "Unit">,<Unit>, Future extensions..
; Fields are delimited by commas, some fields might be omitted (empty).
; Commas in channel names are coded as "\1".
Ch1=Fp1,,0.0406901,µV
Ch2=Fp2,,0.0406901,µV
Ch3=F3,,0.0406901,µV
Ch4=F4,,0.0406901,µV
Ch5=C3,,0.0406901,µV
Ch6=C4,,0.0406901,µV
Ch7=P3,,0.0406901,µV
Ch8=P4,,0.0406901,µV
Ch9=O1,,0.0406901,µV
Ch10=O2,,0.0406901,µV
Ch11=F7,,0.0406901,µV
Ch12=F8,,0.0406901,µV
Ch13=T7,,0.0406901,µV
Ch14=T8,,0.0406901,µV
Ch15=P7,,0.0406901,µV
Ch16=P8,,0.0406901,µV
Ch17=Fz,,0.0406901,µV
Ch18=Cz,,0.0406901,µV
Ch19=Pz,,0.0406901,µV
Ch20=IO,,0.0406901,µV
Ch21=FC1,,0.0406901,µV
Ch22=FC2,,0.0406901,µV
Ch23=CP1,,0.0406901,µV
Ch24=CP2,,0.0406901,µV
Ch25=FC5,,0.0406901,µV
Ch26=FC6,,0.0406901,µV
Ch27=CP5,,0.0406901,µV
Ch28=CP6,,0.0406901,µV
Ch29=FT9,,0.0406901,µV
Ch30=FT10,,0.0406901,µV
Ch31=TP9,,0.0406901,µV
Ch32=TP10,,0.0406901,µV

[Coordinates]
; Electrode Position File: E:\LiveCap for LiveAmp 32 Channel\LC-32.bvef
Ch1=1,-90,-72
Ch2=1,90,72
Ch3=1,-60,-51
Ch4=1,60,51
Ch5=1,-45,0
Ch6=1,45,0
Ch7=1,-60,51
Ch8=1,60,-51
Ch9=1,-90,72
Ch10=1,90,-72
Ch11=1,-90,-36
Ch12=1,90,36
Ch13=1,-90,0
Ch14=1,90,0
Ch15=1,-90,36
Ch16=1,90,-36
Ch17=1,45,90
Ch18=1,0,0
Ch19=1,45,-90
Ch20=0,139,70
Ch21=1,-31,-46
Ch22=1,31,46
Ch23=1,-31,46
Ch24=1,31,-46
Ch25=1,-69,-21
Ch26=1,69,21
Ch27=1,-69,21
Ch28=1,69,-21
Ch29=1,-113,-18
Ch30=1,113,18
Ch31=1,-113,18
Ch32=1,113,-18

[Comment]

BrainVision Recorder Professional   -   V. 1.23.0003


A m p l i f i e r  S e t u p
============================
Number of channels: 32
Sampling Rate [Hz]: 500
Sampling Interval [µS]: 2000

Channels
--------
#     Name      Phys. Chn.    Resolution / Unit   Low Cutoff [s]   High Cutoff [Hz]   Notch [Hz]    Gradient         Offset
1     Fp1         1          0.0406901 µV             DC              131              Off
2     Fp2         2          0.0406901 µV             DC              131              Off
3     F3          3          0.0406901 µV             DC              131              Off
4     F4          4          0.0406901 µV             DC              131              Off
5     C3          5          0.0406901 µV             DC              131              Off
6     C4          6          0.0406901 µV             DC              131              Off
7     P3          7          0.0406901 µV             DC              131              Off
8     P4          8          0.0406901 µV             DC              131              Off
9     O1          9          0.0406901 µV             DC              131              Off
10    O2          10         0.0406901 µV             DC              131              Off
11    F7          11         0.0406901 µV             DC              131              Off
12    F8          12         0.0406901 µV             DC              131              Off
13    T7          13         0.0406901 µV             DC              131              Off
14    T8          14         0.0406901 µV             DC              131              Off
15    P7          15         0.0406901 µV             DC              131              Off
16    P8          16         0.0406901 µV             DC              131              Off
17    Fz          17         0.0406901 µV             DC              131              Off
18    Cz          18         0.0406901 µV             DC              131              Off
19    Pz          19         0.0406901 µV             DC              131              Off
20    IO          20         0.0406901 µV             DC              131              Off
21    FC1         21         0.0406901 µV             DC              131              Off
22    FC2         22         0.0406901 µV             DC              131              Off
23    CP1         23         0.0406901 µV             DC              131              Off
24    CP2         24         0.0406901 µV             DC              131              Off
25    FC5         25         0.0406901 µV             DC              131              Off
26    FC6         26         0.0406901 µV             DC              131              Off
27    CP5         27         0.0406901 µV             DC              131              Off
28    CP6         28         0.0406901 µV             DC              131              Off
29    FT9         29         0.0406901 µV             DC              131              Off
30    FT10        30         0.0406901 µV             DC              131              Off
31    TP9         31         0.0406901 µV             DC              131              Off
32    TP10        32         0.0406901 µV             DC              131              Off


LiveAmp SN:                	056311-0603
LiveAmp hardware revision: 	5
Firmware version:          	4.74

Library version:           	1.18.10.15

Use Active/Dry Electrodes: No

S o f t w a r e  F i l t e r s
==============================
Disabled


Data/Gnd/Ref Electrodes Selected Impedance Measurement Range: 0 - 50 kOhm
Impedance [kOhm] at 13:10:06 :
Fp1:          6
Fp2:          9
F3:          12
F4:           4
C3:           5
C4:           3
P3:          14
P4:           9
O1:          23
O2:          15
F7:           5
F8:           5
T7:           4
T8:           2
P7:           6
P8:           9
Fz:           4
Cz:           5
Pz:          10
IO:           8
FC1:          6
FC2:         16
CP1:         21
CP2:         18
FC5:          8
FC6:          6
CP5:         11
CP6:         10
FT9:          6
FT10:        10
TP9:          7
TP10:         8
Gnd:          1
Ref:          4
